GEM
  remote: http://gems.github.com/
  remote: http://rubygems.org/
  specs:
    fakeweb (1.3.0)
    json (1.6.5)
    metaclass (0.0.1)
    mocha (0.10.5)
      metaclass (~> 0.0.1)

PLATFORMS
  ruby

DEPENDENCIES
  fakeweb
  json
  mocha
